GEM
  remote: https://rubygems.org/
  specs:
    nokogiri (1.13.10-arm64-darwin)
      racc (~> 1.4)
    racc (1.8.1)

PLATFORMS
  arm64-darwin-24

DEPENDENCIES
  nokogiri

BUNDLED WITH
   2.3.26
